PATH
  remote: .
  specs:
    mm-learnup-sluggable (0.3.7)
      mongo_mapper (>= 0.9.0)

GEM
  remote: https://rubygems.org/
  specs:
    activemodel (3.2.22)
      activesupport (= 3.2.22)
      builder (~> 3.0.0)
    activesupport (3.2.22)
      i18n (~> 0.6, >= 0.6.4)
      multi_json (~> 1.0)
    bson (1.10.2)
    bson_ext (1.10.0)
      bson (~> 1.10.0)
    builder (3.0.4)
    byebug (8.2.1)
    coderay (1.1.0)
    diff-lcs (1.2.1)
    docile (1.1.3)
    i18n (0.7.0)
    method_source (0.8.2)
    mongo (1.10.2)
      bson (= 1.10.2)
    mongo_mapper (0.12.0)
      activemodel (~> 3.0)
      activesupport (~> 3.0)
      plucky (~> 0.5.2)
    multi_json (1.10.0)
    plucky (0.5.2)
      mongo (~> 1.5)
    pry (0.10.3)
      coderay (~> 1.1.0)
      method_source (~> 0.8.1)
      slop (~> 3.4)
    pry-byebug (3.3.0)
      byebug (~> 8.0)
      pry (~> 0.10)
    rake (10.3.2)
    rspec (2.13.0)
      rspec-core (~> 2.13.0)
      rspec-expectations (~> 2.13.0)
      rspec-mocks (~> 2.13.0)
    rspec-core (2.13.1)
    rspec-expectations (2.13.0)
      diff-lcs (>= 1.1.3, < 2.0)
    rspec-mocks (2.13.0)
    simplecov (0.8.2)
      docile (~> 1.1.0)
      multi_json
      simplecov-html (~> 0.8.0)
    simplecov-html (0.8.0)
    slop (3.6.0)

PLATFORMS
  ruby

DEPENDENCIES
  bson_ext
  mm-learnup-sluggable!
  mongo_mapper (~> 0.12.0)
  pry-byebug
  rake
  rspec
  simplecov

BUNDLED WITH
   1.10.5
